GIT
  remote: git://github.com/jedi4ever/veewee
  revision: afdd8956da44c93126f1c5c761973bcea96eb1e1
  specs:
    veewee (0.3.8.dev)
      ansi (~> 1.3.0)
      childprocess
      fission (= 0.4.0)
      fog (~> 1.8)
      grit
      highline
      i18n
      json
      net-ssh (>= 2.2.0)
      popen4 (~> 0.1.2)
      progressbar
      ruby-vnc (~> 1.0.0)
      thor (~> 0.15)
      whichr

GEM
  remote: https://rubygems.org/
  specs:
    CFPropertyList (2.0.17)
      libxml-ruby (>= 1.1.0)
      rake (>= 0.7.0)
    Platform (0.4.0)
    ansi (1.3.0)
    builder (3.2.2)
    childprocess (0.3.9)
      ffi (~> 1.0, >= 1.0.11)
    diff-lcs (1.2.4)
    excon (0.25.3)
    ffi (1.9.0)
    fission (0.4.0)
      CFPropertyList (~> 2.0.17)
    fog (1.15.0)
      builder
      excon (~> 0.25.0)
      formatador (~> 0.2.0)
      mime-types
      multi_json (~> 1.0)
      net-scp (~> 1.1)
      net-ssh (>= 2.1.3)
      nokogiri (~> 1.5)
      ruby-hmac
    formatador (0.2.4)
    grit (2.5.0)
      diff-lcs (~> 1.1)
      mime-types (~> 1.15)
      posix-spawn (~> 0.3.6)
    highline (1.6.19)
    i18n (0.6.5)
    json (1.8.0)
    libxml-ruby (2.7.0)
    mime-types (1.25)
    mini_portile (0.5.1)
    multi_json (1.8.1)
    net-scp (1.1.2)
      net-ssh (>= 2.6.5)
    net-ssh (2.7.0)
    nokogiri (1.6.0)
      mini_portile (~> 0.5.0)
    open4 (1.3.0)
    os (0.9.6)
    popen4 (0.1.2)
      Platform (>= 0.4.0)
      open4 (>= 0.4.0)
    posix-spawn (0.3.6)
    progressbar (0.21.0)
    rake (10.1.0)
    ruby-hmac (0.4.0)
    ruby-vnc (1.0.1)
    sane (0.25.6)
      os
    thor (0.18.1)
    whichr (0.3.6)
      sane

PLATFORMS
  ruby

DEPENDENCIES
  veewee!
